GEM
  remote: https://rubygems.org/
  specs:
    concurrent-ruby (1.3.4)
    ffi (1.15.5)
    tzinfo (2.0.6)
      concurrent-ruby (~> 1.0)
    tzinfo-data (1.2024.2)
      tzinfo (>= 1.0.0)
    webrick (1.8.2)

PLATFORMS
  ruby
  x86_64-linux

DEPENDENCIES
  bundler (~> 2.5.11)
  ffi (~> 1.15.5)
  tzinfo-data
  webrick

BUNDLED WITH
   2.5.11
